GEM
  specs:
    rack (1.4.5)
    rack-protection (1.5.1)
      rack
    sinatra (1.4.4)
      rack (~> 1.4)
      rack-protection (~> 1.4)
      tilt (~> 1.3, >= 1.3.4)
    tilt (1.3.7)

PLATFORMS
  x86-mingw32

DEPENDENCIES
  sinatra (> 0.1)
